GEM
  remote: http://rubygems.org/
  specs:
    faraday (0.8.4)
      multipart-post (~> 1.1)
    json_pure (1.4.6)
    multi_json (1.5.0)
    multipart-post (1.1.5)
    nokogiri (1.4.0)
    simple_oauth (0.2.0)
    twitter (4.4.2)
      faraday (~> 0.8)
      multi_json (~> 1.3)
      simple_oauth (~> 0.2)

PLATFORMS
  ruby

DEPENDENCIES
  json_pure
  nokogiri (= 1.4.0)
  twitter (= 4.4.2)
